PATH
  remote: .
  specs:
    badgeable (0.1.0)

GEM
  remote: http://rubygems.org/
  specs:
    builder (2.1.2)
    cucumber (0.9.2)
      builder (~> 2.1.2)
      diff-lcs (~> 1.1.2)
      gherkin (~> 2.2.5)
      json (~> 1.4.6)
      term-ansicolor (~> 1.0.5)
    diff-lcs (1.1.2)
    factory_girl (1.3.2)
    gherkin (2.2.8)
      json (~> 1.4.6)
      term-ansicolor (~> 1.0.5)
    json (1.4.6)
    rspec (2.0.0.rc)
      rspec-core (= 2.0.0.rc)
      rspec-expectations (= 2.0.0.rc)
      rspec-mocks (= 2.0.0.rc)
    rspec-core (2.0.0.rc)
    rspec-expectations (2.0.0.rc)
      diff-lcs (>= 1.1.2)
    rspec-mocks (2.0.0.rc)
      rspec-core (= 2.0.0.rc)
      rspec-expectations (= 2.0.0.rc)
    term-ansicolor (1.0.5)

PLATFORMS
  ruby

DEPENDENCIES
  badgeable!
  bundler (>= 1.0.0)
  cucumber
  factory_girl (>= 1.3.2)
  rspec (>= 2.0.0.rc)
